GEM
  remote: https://rubygems.org/
  specs:
    axlsx (2.0.1)
      htmlentities (~> 4.3.1)
      nokogiri (>= 1.4.1)
      rubyzip (~> 1.0.0)
    bson (4.15.0)
    csv (3.2.6)
    htmlentities (4.3.4)
    httparty (0.21.0)
      mini_mime (>= 1.0.0)
      multi_xml (>= 0.5.2)
    mini_mime (1.1.2)
    mongo (2.18.2)
      bson (>= 4.14.1, < 5.0.0)
    multi_xml (0.6.0)
    nokogiri (1.14.3-x86_64-linux)
      racc (~> 1.4)
    racc (1.6.2)
    rubyzip (1.0.0)

PLATFORMS
  x86_64-linux

DEPENDENCIES
  axlsx
  csv
  httparty
  mongo

BUNDLED WITH
   2.4.12
